GEM
  remote: https://rubygems.org/
  specs:
    builder (3.2.3)
    daemons (1.2.4)
    dotenv (2.2.1)
    eventmachine (1.2.3)
    faraday (0.12.1)
      multipart-post (>= 1.2, < 3)
    geocoder (1.4.3)
    jwt (1.5.6)
    multipart-post (2.0.0)
    mustermann (1.0.0)
    rack (2.0.2)
    rack-flash3 (1.0.5)
      rack
    rack-protection (2.0.0)
      rack
    shotgun (0.9.2)
      rack (>= 1.0)
    sinatra (2.0.0)
      mustermann (~> 1.0)
      rack (~> 2.0)
      rack-protection (= 2.0.0)
      tilt (~> 2.0)
    thin (1.7.0)
      daemons (~> 1.0, >= 1.0.9)
      eventmachine (~> 1.0, >= 1.0.4)
      rack (>= 1, < 3)
    tilt (2.0.7)
    twilio-ruby (5.0.0.rc19)
      builder (>= 2.1.2)
      faraday (~> 0.9)
      jwt (~> 1.0)

PLATFORMS
  ruby

DEPENDENCIES
  dotenv
  geocoder
  rack-flash3
  shotgun
  sinatra
  thin
  twilio-ruby (~> 5.0.0.rc5)

BUNDLED WITH
   1.14.6
