GEM
  remote: https://rubygems.org/
  specs:
    builder (3.2.3)
    daemons (1.2.4)
    dotenv (2.2.1)
    eventmachine (1.2.3)
    geocoder (1.4.3)
    jwt (1.5.6)
    multi_json (1.12.1)
    mustermann (1.0.0)
    rack (2.0.2)
    rack-protection (2.0.0)
      rack
    shotgun (0.9.2)
      rack (>= 1.0)
    sinatra (2.0.0)
      mustermann (~> 1.0)
      rack (~> 2.0)
      rack-protection (= 2.0.0)
      tilt (~> 2.0)
    thin (1.7.0)
      daemons (~> 1.0, >= 1.0.9)
      eventmachine (~> 1.0, >= 1.0.4)
      rack (>= 1, < 3)
    tilt (2.0.7)
    twilio-ruby (4.11.1)
      builder (>= 2.1.2)
      jwt (~> 1.0)
      multi_json (>= 1.3.0)

PLATFORMS
  ruby

DEPENDENCIES
  dotenv
  geocoder
  shotgun
  sinatra
  thin
  twilio-ruby (~> 4.11.1)

BUNDLED WITH
   1.14.6
